GEM
  remote: https://rubygems.org/
  specs:
    awesome_print (1.7.0)
    byebug (9.0.6)
    coderay (1.1.1)
    diff-lcs (1.3)
    docile (1.1.5)
    fakeredis (0.5.0)
      redis (~> 3.0)
    json (2.0.3)
    method_source (0.8.2)
    pry (0.10.4)
      coderay (~> 1.1.0)
      method_source (~> 0.8.1)
      slop (~> 3.4)
    pry-byebug (3.4.2)
      byebug (~> 9.0)
      pry (~> 0.10)
    pry-meta (0.0.10)
      awesome_print
      pry
      pry-byebug
      pry-remote
    pry-remote (0.1.8)
      pry (~> 0.9)
      slop (~> 3.0)
    rack (2.0.1)
    rack-router (0.6.0)
    rack-test (0.6.3)
      rack (>= 1.0)
    redis (3.3.3)
    rspec (3.5.0)
      rspec-core (~> 3.5.0)
      rspec-expectations (~> 3.5.0)
      rspec-mocks (~> 3.5.0)
    rspec-core (3.5.4)
      rspec-support (~> 3.5.0)
    rspec-expectations (3.5.0)
      diff-lcs (>= 1.2.0, < 2.0)
      rspec-support (~> 3.5.0)
    rspec-mocks (3.5.0)
      diff-lcs (>= 1.2.0, < 2.0)
      rspec-support (~> 3.5.0)
    rspec-support (3.5.0)
    simplecov (0.13.0)
      docile (~> 1.1.0)
      json (>= 1.8, < 3)
      simplecov-html (~> 0.10.0)
    simplecov-html (0.10.0)
    slop (3.6.0)

PLATFORMS
  ruby

DEPENDENCIES
  fakeredis (~> 0.5.0)
  pry-meta (~> 0.0.10)
  rack (~> 2.0.1)
  rack-router (~> 0.6.0)
  rack-test (~> 0.6.3)
  redis (~> 3.3.3)
  rspec (>= 3.1.0)
  simplecov

BUNDLED WITH
   1.14.3
